GEM
  remote: https://rubygems.org/
  specs:
    minitest-stub_any_instance (1.0.1)
    rake (10.4.2)

PLATFORMS
  ruby

DEPENDENCIES
  minitest-stub_any_instance
  rake

BUNDLED WITH
   1.10.5
